GEM
  remote: https://rubygems.org/
  specs:
    base64 (0.2.0)
    date (3.3.4)
    haml (6.3.0)
      temple (>= 0.8.2)
      thor
      tilt
    iso8601 (0.13.0)
    json (2.7.2)
    mini_portile2 (2.8.7)
    mustermann (3.0.3)
      ruby2_keywords (~> 0.0.1)
    nokogiri (1.16.7)
      mini_portile2 (~> 2.8.2)
      racc (~> 1.4)
    open-uri (0.4.1)
      stringio
      time
      uri
    racc (1.8.1)
    rack (3.1.7)
    rack-protection (4.0.0)
      base64 (>= 0.1.0)
      rack (>= 3.0.0, < 4)
    rack-session (2.0.0)
      rack (>= 3.0.0)
    rackup (2.1.0)
      rack (>= 3)
      webrick (~> 1.8)
    ruby2_keywords (0.0.5)
    sinatra (4.0.0)
      mustermann (~> 3.0)
      rack (>= 3.0.0, < 4)
      rack-protection (= 4.0.0)
      rack-session (>= 2.0.0, < 3)
      tilt (~> 2.0)
    stringio (3.1.1)
    temple (0.10.3)
    thor (1.3.2)
    tilt (2.4.0)
    time (0.4.0)
      date
    uri (0.13.1)
    webrick (1.8.1)

PLATFORMS
  ruby

DEPENDENCIES
  haml
  iso8601
  json
  nokogiri
  open-uri
  rackup (~> 2.1)
  sinatra

BUNDLED WITH
   2.3.21
