GEM
  remote: https://rubygems.org/
  specs:
    iso8601 (0.13.0)
    json (2.5.1)
    mini_portile2 (2.5.0)
    mustermann (1.1.1)
      ruby2_keywords (~> 0.0.1)
    nokogiri (1.11.2)
      mini_portile2 (~> 2.5.0)
      racc (~> 1.4)
    open-uri (0.1.0)
    racc (1.5.2)
    rack (2.2.3)
    rack-protection (2.1.0)
      rack
    ruby2_keywords (0.0.4)
    sinatra (2.1.0)
      mustermann (~> 1.0)
      rack (~> 2.2)
      rack-protection (= 2.1.0)
      tilt (~> 2.0)
    tilt (2.0.10)

PLATFORMS
  ruby

DEPENDENCIES
  iso8601
  json
  nokogiri
  open-uri
  sinatra

BUNDLED WITH
   2.1.4
